GEM
  remote: http://rubygems.org/
  specs:
    Platform (0.4.0)
    clamp (0.6.0)
    coderay (1.0.9)
    log4r (1.1.10)
    method_source (0.8.1)
    net-ssh (2.6.7)
    notifier (0.4.1)
    open4 (1.3.0)
    popen4 (0.1.2)
      Platform (>= 0.4.0)
      open4 (>= 0.4.0)
    pry (0.9.12.1)
      coderay (~> 1.0.5)
      method_source (~> 0.8)
      slop (~> 3.4)
    rainbow (1.1.4)
    rake (10.0.4)
    slop (3.4.4)
    uuidtools (2.1.4)

PLATFORMS
  ruby

DEPENDENCIES
  clamp
  log4r
  net-ssh
  notifier
  popen4
  pry
  rainbow
  rake
  uuidtools
